PATH
  remote: .
  specs:
    dash (0.3.1)
      clamp

GEM
  remote: http://rubygems.org/
  specs:
    clamp (0.2.2)
    diff-lcs (1.1.2)
    rspec (2.6.0)
      rspec-core (~> 2.6.0)
      rspec-expectations (~> 2.6.0)
      rspec-mocks (~> 2.6.0)
    rspec-core (2.6.4)
    rspec-expectations (2.6.0)
      diff-lcs (~> 1.1.2)
    rspec-mocks (2.6.0)

PLATFORMS
  ruby

DEPENDENCIES
  dash!
  rspec (~> 2.6)
