PATH
  remote: .
  specs:
    dash (0.5.0)

GEM
  remote: http://rubygems.org/
  specs:
    rake (0.9.2.2)

PLATFORMS
  ruby

DEPENDENCIES
  dash!
  rake (~> 0.9.2)
