PATH
  remote: .
  specs:
    dash (0.3.0)
      slop (= 2.0.0)

GEM
  remote: http://rubygems.org/
  specs:
    diff-lcs (1.1.2)
    rspec (2.6.0)
      rspec-core (~> 2.6.0)
      rspec-expectations (~> 2.6.0)
      rspec-mocks (~> 2.6.0)
    rspec-core (2.6.4)
    rspec-expectations (2.6.0)
      diff-lcs (~> 1.1.2)
    rspec-mocks (2.6.0)
    slop (2.0.0)

PLATFORMS
  ruby

DEPENDENCIES
  dash!
  rspec (~> 2.6)
